GEM
  remote: http://rubygems.org/
  specs:
    abstract (1.0.0)
    archive-tar-minitar (0.5.2)
    builder (2.1.2)
    capybara (0.4.1.2)
      celerity (>= 0.7.9)
      culerity (>= 0.2.4)
      mime-types (>= 1.16)
      nokogiri (>= 1.3.3)
      rack (>= 1.0.0)
      rack-test (>= 0.5.4)
      selenium-webdriver (>= 0.0.27)
      xpath (~> 0.1.3)
    capybara-webkit (0.5.0)
      capybara (~> 0.4.1)
    celerity (0.8.9)
    childprocess (0.1.9)
      ffi (~> 1.0.6)
    cucumber (1.0.1)
      builder (>= 2.1.2)
      diff-lcs (>= 1.1.2)
      gherkin (~> 2.4.5)
      json (>= 1.4.6)
      term-ansicolor (>= 1.0.5)
    culerity (0.2.15)
    diff-lcs (1.1.2)
    erubis (2.6.6)
      abstract (>= 1.0.0)
    ffi (1.0.9)
    gherkin (2.4.5)
      json (>= 1.4.6)
    ghost (0.2.8)
    i18n (0.5.0)
    json (1.5.3)
    json_pure (1.5.3)
    mario (0.0.6)
    mime-types (1.16)
    net-scp (1.0.4)
      net-ssh (>= 1.99.1)
    net-ssh (2.1.4)
    nokogiri (1.5.0)
    rack (1.3.1)
    rack-test (0.6.0)
      rack (>= 1.0)
    rspec (2.6.0)
      rspec-core (~> 2.6.0)
      rspec-expectations (~> 2.6.0)
      rspec-mocks (~> 2.6.0)
    rspec-core (2.6.4)
    rspec-expectations (2.6.0)
      diff-lcs (~> 1.1.2)
    rspec-mocks (2.6.0)
    rubyzip (0.9.4)
    selenium-webdriver (0.2.0)
      childprocess (>= 0.1.7)
      ffi (>= 1.0.7)
      json_pure
      rubyzip
    term-ansicolor (1.0.5)
    thor (0.14.6)
    vagrant (0.7.2)
      archive-tar-minitar (= 0.5.2)
      erubis (~> 2.6.6)
      i18n (~> 0.5.0)
      json (~> 1.5.1)
      mario (~> 0.0.6)
      net-scp (~> 1.0.4)
      net-ssh (~> 2.1.0)
      thor (~> 0.14.6)
      virtualbox (~> 0.8.3)
    virtualbox (0.8.6)
      ffi (~> 1.0)
    xpath (0.1.4)
      nokogiri (~> 1.3)

PLATFORMS
  ruby

DEPENDENCIES
  builder (= 2.1.2)
  capybara
  capybara-webkit
  cucumber (= 1.0.1)
  ghost (= 0.2.8)
  rspec (= 2.6.0)
  vagrant (= 0.7.2)
